{
  "TaskName": "Covert Speech Production",
  "TaskDescription": "Participants perform covert (silent/imagined) speech production while EEG is recorded.",
  "Instructions": "Silently imagine or internally produce the prompted utterance without overt articulation while minimizing movement.",
  "InstitutionName": "Araya Inc.",
  "InstitutionAddress": "Tokyo, Japan",
  "Manufacturer": "ANT Neuro",
  "ManufacturersModelName": "Pangolin 64",
  "SoftwareVersions": "eego SDK 1.8.0",
  "DeviceSerialNumber": "n/a",
  "CapManufacturer": "Easycap",
  "CapManufacturersModelName": "M10",
  "EEGChannelCount": 128,
  "EMGChannelCount": 2,
  "EOGChannelCount": 1,
  "ECGChannelCount": 0,
  "MiscChannelCount": 2,
  "TriggerChannelCount": 1,
  "SamplingFrequency": 1200,
  "PowerLineFrequency": 50,
  "EEGPlacementScheme": "Custom montage based on 10-20 system",
  "EEGReference": "FCz",
  "EEGGround": "AFz",
  "RecordingType": "continuous",
  "SoftwareFilters": "n/a",
  "HardwareFilters": "n/a",
  "SubjectArtefactDescription": "n/a",
  "InstitutionalDepartmentName": "n/a"
}
